PATH
  remote: .
  specs:
    octopi (0.4.4)
      api_cache
      api_smith
      httparty (>= 0.4.5)
      mechanize (>= 0.9.3)
      nokogiri (>= 1.3.1)

GEM
  remote: http://rubygems.org/
  specs:
    api_cache (0.2.3)
    api_smith (1.0.0)
      hashie (~> 1.0)
      httparty
    crack (0.1.8)
    fakeweb (1.3.0)
    git (1.2.5)
    hashie (1.0.0)
    httparty (0.7.8)
      crack (= 0.1.8)
    jeweler (1.6.0)
      bundler (~> 1.0.0)
      git (>= 1.2.5)
      rake
    mechanize (2.0.1)
      net-http-digest_auth (~> 1.1, >= 1.1.1)
      net-http-persistent (~> 1.8)
      nokogiri (~> 1.4)
      webrobots (~> 0.0, >= 0.0.9)
    net-http-digest_auth (1.1.1)
    net-http-persistent (1.8)
    nokogiri (1.4.6)
    rake (0.8.7)
    shoulda (2.11.3)
    webrobots (0.0.9)
      nokogiri (>= 1.4.4)

PLATFORMS
  ruby

DEPENDENCIES
  fakeweb
  jeweler
  octopi!
  shoulda
